GEM
  remote: https://rubygems.org/
  specs:
    amq-protocol (1.9.2)
    amqp (1.3.0)
      amq-protocol (>= 1.9.2)
      eventmachine
    eventhub-processor (0.1.4)
      amqp
      rest-client
      uuidtools
    eventmachine (1.0.3)
    mime-types (2.2)
    rest-client (1.6.7)
      mime-types (>= 1.16)
    uuidtools (2.1.4)

PLATFORMS
  ruby

DEPENDENCIES
  eventhub-processor
